GEM
  remote: http://rubygems.org/
  specs:
    base64 (0.2.0)
    logger (1.6.1)
    mqtt (0.5.0)
    mustermann (3.0.3)
      ruby2_keywords (~> 0.0.1)
    nio4r (2.7.3)
    prometheus-client (0.9.0)
      quantile (~> 0.2.1)
    puma (5.6.9)
      nio4r (~> 2.0)
    quantile (0.2.1)
    rack (3.1.16)
    rack-protection (4.1.0)
      base64 (>= 0.1.0)
      logger (>= 1.6.0)
      rack (>= 3.0.0, < 4)
    rack-session (2.1.1)
      base64 (>= 0.1.0)
      rack (>= 3.0.0)
    ruby2_keywords (0.0.5)
    sinatra (4.1.0)
      logger (>= 1.6.0)
      mustermann (~> 3.0)
      rack (>= 3.0.0, < 4)
      rack-protection (= 4.1.0)
      rack-session (>= 2.0.0, < 3)
      tilt (~> 2.0)
    tilt (2.4.0)

PLATFORMS
  ruby

DEPENDENCIES
  mqtt
  prometheus-client (~> 0.9.0)
  puma
  sinatra

BUNDLED WITH
   2.0.2
