GEM
  remote: http://rubygems.org/
  specs:
    mqtt (0.5.0)
    mustermann (1.1.1)
      ruby2_keywords (~> 0.0.1)
    nio4r (2.5.2)
    prometheus-client (0.9.0)
      quantile (~> 0.2.1)
    puma (4.3.3)
      nio4r (~> 2.0)
    quantile (0.2.1)
    rack (2.2.2)
    rack-protection (2.0.8.1)
      rack
    ruby2_keywords (0.0.2)
    sinatra (2.0.8.1)
      mustermann (~> 1.0)
      rack (~> 2.0)
      rack-protection (= 2.0.8.1)
      tilt (~> 2.0)
    tilt (2.0.10)

PLATFORMS
  ruby

DEPENDENCIES
  mqtt
  prometheus-client (~> 0.9.0)
  puma
  sinatra

BUNDLED WITH
   2.0.2
